PATH
  remote: .
  specs:
    ar_shard (0.2.1)
      activerecord (>= 6)

GEM
  remote: https://rubygems.org/
  specs:
    activemodel (6.0.3.2)
      activesupport (= 6.0.3.2)
    activerecord (6.0.3.2)
      activemodel (= 6.0.3.2)
      activesupport (= 6.0.3.2)
    activesupport (6.0.3.2)
      concurrent-ruby (~> 1.0, >= 1.0.2)
      i18n (>= 0.7, < 2)
      minitest (~> 5.1)
      tzinfo (~> 1.1)
      zeitwerk (~> 2.2, >= 2.2.2)
    coderay (1.1.3)
    concurrent-ruby (1.1.7)
    i18n (1.8.5)
      concurrent-ruby (~> 1.0)
    method_source (1.0.0)
    minitest (5.11.3)
    pry (0.13.1)
      coderay (~> 1.1)
      method_source (~> 1.0)
    rake (12.3.2)
    sqlite3 (1.4.2)
    thread_safe (0.3.6)
    tzinfo (1.2.7)
      thread_safe (~> 0.1)
    zeitwerk (2.4.0)

PLATFORMS
  ruby

DEPENDENCIES
  ar_shard!
  minitest (~> 5.0)
  pry
  rake (~> 12.0)
  sqlite3 (~> 1.4)

BUNDLED WITH
   1.17.3
